GIT
  remote: git@github.com:ferrisoxide/breakdown.git
  revision: 37850aaa6712a7ffee4d20c47dec827c791d54ae
  specs:
    breakdown (0.0.1)

GEM
  remote: http://rubygems.org/
  specs:
    adsf (1.1.1)
      rack (>= 1.0.0)
    colored (1.2)
    cri (2.3.0)
      colored (>= 1.2)
    kramdown (1.0.1)
    mime-types (1.22)
    nanoc (3.6.2)
      cri (~> 2.3)
    rack (1.5.2)
    systemu (2.5.2)

PLATFORMS
  ruby

DEPENDENCIES
  adsf
  breakdown!
  kramdown
  mime-types
  nanoc
  systemu
