GIT
  remote: git@github.com:ferrisoxide/breakdown.git
  revision: 37850aaa6712a7ffee4d20c47dec827c791d54ae
  specs:
    breakdown (0.0.1)

GEM
  remote: http://rubygems.org/
  specs:
    adsf (1.1.1)
      rack (>= 1.0.0)
    builder (3.2.0)
    chunky_png (1.2.8)
    colored (1.2)
    compass (0.12.2)
      chunky_png (~> 1.2)
      fssm (>= 0.2.7)
      sass (~> 3.1)
    cri (2.3.0)
      colored (>= 1.2)
    fspath (2.0.4)
    fssm (0.2.10)
    image_optim (0.8.0)
      fspath (~> 2.0.3)
      image_size (~> 1.1.2)
      in_threads (~> 1.1.1)
      progress (~> 2.4.0)
    image_size (1.1.2)
    in_threads (1.1.1)
    kramdown (1.0.1)
    mime-types (1.22)
    nanoc (3.6.2)
      cri (~> 2.3)
    nanoc-image-compressor (0.1.1)
      image_optim
      nanoc (>= 3.3.1)
    nanoc-javascript-concatenator (0.0.2)
      nanoc (>= 3.3.0)
    progress (2.4.0)
    rack (1.5.2)
    rack-rewrite (1.3.3)
    sass (3.2.7)
    systemu (2.5.2)
    zurb-foundation (4.1.2)
      sass (>= 3.2.0)

PLATFORMS
  ruby

DEPENDENCIES
  adsf
  breakdown!
  builder
  compass
  kramdown
  mime-types
  nanoc
  nanoc-image-compressor
  nanoc-javascript-concatenator
  rack
  rack-rewrite
  sass
  systemu
  zurb-foundation (~> 4.1.1)
